GEM
  remote: http://rubygems.org/
  specs:
    i18n (0.6.0)
    nokogiri (1.5.0)
    thor (0.14.6)
    ya2yaml (0.30)

PLATFORMS
  ruby

DEPENDENCIES
  i18n
  nokogiri
  thor
  ya2yaml
